GEM
  remote: http://rubygems.org/
  specs:
    addressable (2.3.4)
    aws_cf_signer (0.1.1)
    cloudinary (1.0.57)
      aws_cf_signer
      rest-client
    columnize (0.3.6)
    daemons (1.1.9)
    debugger (1.6.0)
      columnize (>= 0.3.1)
      debugger-linecache (~> 1.2.0)
      debugger-ruby_core_source (~> 1.2.1)
    debugger-linecache (1.2.0)
    debugger-ruby_core_source (1.2.2)
    eventmachine (1.0.3)
    excon (0.22.1)
    heroku (2.39.3)
      heroku-api (~> 0.3.7)
      launchy (>= 0.3.2)
      netrc (~> 0.7.7)
      rest-client (~> 1.6.1)
      rubyzip
    heroku-api (0.3.11)
      excon (~> 0.22.1)
    json (1.7.7)
    launchy (2.3.0)
      addressable (~> 2.3)
    mail (2.5.4)
      mime-types (~> 1.16)
      treetop (~> 1.4.8)
    mime-types (1.23)
    netrc (0.7.7)
    polyglot (0.3.3)
    pony (1.4.1)
      mail (> 2.0)
    rack (1.5.2)
    rack-protection (1.5.0)
      rack
    rest-client (1.6.7)
      mime-types (>= 1.16)
    rubyzip (0.9.9)
    sinatra (1.4.2)
      rack (~> 1.5, >= 1.5.2)
      rack-protection (~> 1.4)
      tilt (~> 1.3, >= 1.3.4)
    thin (1.5.1)
      daemons (>= 1.0.9)
      eventmachine (>= 0.12.6)
      rack (>= 1.0.0)
    tilt (1.4.1)
    treetop (1.4.12)
      polyglot
      polyglot (>= 0.3.1)

PLATFORMS
  ruby

DEPENDENCIES
  cloudinary (~> 1.0.57)
  debugger
  heroku (~> 2.39.3)
  json (~> 1.7.7)
  pony (~> 1.4.1)
  sinatra (~> 1.4.2)
  thin (~> 1.5.1)
