GEM
  remote: http://rubygems.org/
  specs:
    aws_cf_signer (0.1.1)
    cloudinary (1.0.57)
      aws_cf_signer
      rest-client
    daemons (1.1.9)
    eventmachine (1.0.3)
    mime-types (1.23)
    rack (1.5.2)
    rack-protection (1.5.0)
      rack
    rest-client (1.6.7)
      mime-types (>= 1.16)
    sinatra (1.4.2)
      rack (~> 1.5, >= 1.5.2)
      rack-protection (~> 1.4)
      tilt (~> 1.3, >= 1.3.4)
    thin (1.5.1)
      daemons (>= 1.0.9)
      eventmachine (>= 0.12.6)
      rack (>= 1.0.0)
    tilt (1.4.1)

PLATFORMS
  ruby

DEPENDENCIES
  cloudinary
  sinatra (~> 1.4.2)
  thin (~> 1.5.1)
